GIT
  remote: git://github.com/britg/sinatra-cross_origin.git
  revision: c10579923c64b65ec7266098f16ae7596a1c6a86
  specs:
    sinatra-cross_origin (0.2.0)

GIT
  remote: https://github.com/sinatra/sinatra
  revision: 10cab5f0984609db944d6ed2384353ef1f908905
  specs:
    sinatra (1.4.0)
      rack (~> 1.5, >= 1.5.2)
      rack-protection (~> 1.4)
      tilt (~> 1.3, >= 1.3.4)

GIT
  remote: https://github.com/sinatra/sinatra-contrib
  revision: 4ab84c83cd3147c30f09e0338693e20d68af0574
  specs:
    sinatra-contrib (1.4.0)
      backports (>= 2.0)
      eventmachine
      rack-protection
      rack-test
      sinatra (~> 1.4.0)
      tilt (~> 1.3)

GEM
  remote: https://rubygems.org/
  specs:
    activesupport (3.2.12)
      i18n (~> 0.6)
      multi_json (~> 1.0)
    addressable (2.2.8)
    backports (3.0.3)
    bcrypt-ruby (3.0.1)
    cancan (1.6.9)
    daemons (1.1.9)
    data_objects (0.10.12)
      addressable (~> 2.1)
    diff-lcs (1.1.3)
    dm-constraints (1.2.0)
      dm-core (~> 1.2.0)
    dm-core (1.2.0)
      addressable (~> 2.2.6)
    dm-do-adapter (1.2.0)
      data_objects (~> 0.10.6)
      dm-core (~> 1.2.0)
    dm-migrations (1.2.0)
      dm-core (~> 1.2.0)
    dm-mysql-adapter (1.2.0)
      dm-do-adapter (~> 1.2.0)
      do_mysql (~> 0.10.6)
    dm-serializer (1.2.2)
      dm-core (~> 1.2.0)
      fastercsv (~> 1.5)
      json (~> 1.6)
      json_pure (~> 1.6)
      multi_json (~> 1.0)
    dm-types (1.2.2)
      bcrypt-ruby (~> 3.0)
      dm-core (~> 1.2.0)
      fastercsv (~> 1.5)
      json (~> 1.6)
      multi_json (~> 1.0)
      stringex (~> 1.4)
      uuidtools (~> 2.1)
    dm-validations (1.2.0)
      dm-core (~> 1.2.0)
    do_mysql (0.10.12)
      data_objects (= 0.10.12)
    eventmachine (1.0.1)
    faraday (0.8.6)
      multipart-post (~> 1.1)
    fastercsv (1.5.5)
    gravatarify (3.1.0)
    hashie (1.2.0)
    httpauth (0.2.0)
    i18n (0.6.4)
    json (1.7.7)
    json_pure (1.7.7)
    jwt (0.1.5)
      multi_json (>= 1.0)
    macaddr (1.6.1)
      systemu (~> 2.5.0)
    mail (2.5.3)
      i18n (>= 0.4.0)
      mime-types (~> 1.16)
      treetop (~> 1.4.8)
    mime-types (1.21)
    mini_portile (0.6.0)
    multi_json (1.6.1)
    multipart-post (1.2.0)
    mysql (2.9.1)
    nokogiri (1.6.3.1)
      mini_portile (= 0.6.0)
    oauth2 (0.8.1)
      faraday (~> 0.8)
      httpauth (~> 0.1)
      jwt (~> 0.1.4)
      multi_json (~> 1.0)
      rack (~> 1.2)
    omniauth (1.1.3)
      hashie (~> 1.2)
      rack
    omniauth-facebook (1.4.1)
      omniauth-oauth2 (~> 1.1.0)
    omniauth-github (1.1.0)
      omniauth (~> 1.0)
      omniauth-oauth2 (~> 1.1)
    omniauth-google-oauth2 (0.1.13)
      omniauth (~> 1.0)
      omniauth-oauth2
    omniauth-oauth2 (1.1.1)
      oauth2 (~> 0.8.0)
      omniauth (~> 1.0)
    pagehub-markdown (0.2.0)
      json
      nokogiri (= 1.6.3.1)
      pygments.rb (~> 0.6.0)
      redcarpet (= 3.1.2)
    polyglot (0.3.3)
    pony (1.4)
      mail (> 2.0)
    posix-spawn (0.3.9)
    puma (2.7.1)
      rack (>= 1.1, < 2.0)
    pygments.rb (0.6.0)
      posix-spawn (~> 0.3.6)
      yajl-ruby (~> 1.1.0)
    rabl (0.8.0)
      activesupport (>= 2.3.14)
    rack (1.5.2)
    rack-contrib (1.1.0)
      rack (>= 0.9.1)
    rack-protection (1.4.0)
      rack
    rack-test (0.6.2)
      rack (>= 1.0)
    rake (10.0.3)
    redcarpet (3.1.2)
    rspec (2.12.0)
      rspec-core (~> 2.12.0)
      rspec-expectations (~> 2.12.0)
      rspec-mocks (~> 2.12.0)
    rspec-core (2.12.2)
    rspec-expectations (2.12.1)
      diff-lcs (~> 1.1.3)
    rspec-mocks (2.12.2)
    sass (3.2.6)
    shotgun (0.9)
      rack (>= 1.0)
    sinatra-can (0.2)
      cancan (>= 1.6.0)
      sinatra (>= 1.0.0)
    sinatra-flash (0.3.0)
      sinatra (>= 1.0.0)
    stringex (1.5.1)
    systemu (2.5.2)
    thin (1.5.0)
      daemons (>= 1.0.9)
      eventmachine (>= 0.12.6)
      rack (>= 1.0.0)
    tilt (1.3.4)
    treetop (1.4.12)
      polyglot
      polyglot (>= 0.3.1)
    uuid (2.3.7)
      macaddr (~> 1.0)
    uuidtools (2.1.3)
    yajl-ruby (1.1.0)
    zipruby (0.3.6)

PLATFORMS
  ruby

DEPENDENCIES
  addressable
  diff-lcs (= 1.1.3)
  dm-constraints (>= 1.2.0)
  dm-core (>= 1.2.0)
  dm-migrations (>= 1.2.0)
  dm-mysql-adapter (>= 1.2.0)
  dm-serializer (>= 1.2.0)
  dm-types (>= 1.2.0)
  dm-validations (>= 1.2.0)
  gravatarify (>= 3.1.0)
  json
  multi_json
  mysql
  omniauth
  omniauth-facebook
  omniauth-github
  omniauth-google-oauth2
  pagehub-markdown (>= 0.2.0)
  pony
  puma (~> 2.7.1)
  rabl
  rack-contrib
  rack-test
  rake
  rspec (= 2.12)
  sass
  shotgun
  sinatra (= 1.4.0)!
  sinatra-can
  sinatra-contrib!
  sinatra-cross_origin!
  sinatra-flash
  thin
  uuid
  zipruby
