GEM
  remote: http://rubygems.org/
  specs:
    addressable (2.2.8)
    albino (1.3.3)
      posix-spawn (>= 0.3.6)
    backports (2.6.4)
    bcrypt-ruby (3.0.1)
    daemons (1.1.8)
    data_objects (0.10.9)
      addressable (~> 2.1)
    diff-lcs (1.1.3)
    dm-constraints (1.2.0)
      dm-core (~> 1.2.0)
    dm-core (1.2.0)
      addressable (~> 2.2.6)
    dm-do-adapter (1.2.0)
      data_objects (~> 0.10.6)
      dm-core (~> 1.2.0)
    dm-migrations (1.2.0)
      dm-core (~> 1.2.0)
    dm-mysql-adapter (1.2.0)
      dm-do-adapter (~> 1.2.0)
      do_mysql (~> 0.10.6)
    dm-serializer (1.2.2)
      dm-core (~> 1.2.0)
      fastercsv (~> 1.5)
      json (~> 1.6)
      json_pure (~> 1.6)
      multi_json (~> 1.0)
    dm-types (1.2.2)
      bcrypt-ruby (~> 3.0)
      dm-core (~> 1.2.0)
      fastercsv (~> 1.5)
      json (~> 1.6)
      multi_json (~> 1.0)
      stringex (~> 1.4)
      uuidtools (~> 2.1)
    dm-validations (1.2.0)
      dm-core (~> 1.2.0)
    do_mysql (0.10.9)
      data_objects (= 0.10.9)
    eventmachine (1.0.0)
    faraday (0.8.4)
      multipart-post (~> 1.1)
    fastercsv (1.5.5)
    gravatarify (3.1.0)
    hashie (1.2.0)
    httpauth (0.2.0)
    i18n (0.6.1)
    json (1.7.5)
    json_pure (1.7.5)
    jwt (0.1.5)
      multi_json (>= 1.0)
    macaddr (1.6.1)
      systemu (~> 2.5.0)
    mail (2.4.4)
      i18n (>= 0.4.0)
      mime-types (~> 1.16)
      treetop (~> 1.4.8)
    mime-types (1.19)
    multi_json (1.3.6)
    multipart-post (1.1.5)
    mysql (2.8.1)
    nokogiri (1.5.5)
    oauth (0.4.7)
    oauth2 (0.8.0)
      faraday (~> 0.8)
      httpauth (~> 0.1)
      jwt (~> 0.1.4)
      multi_json (~> 1.0)
      rack (~> 1.2)
    omniauth (1.1.1)
      hashie (~> 1.2)
      rack
    omniauth-facebook (1.4.1)
      omniauth-oauth2 (~> 1.1.0)
    omniauth-github (1.0.3)
      omniauth (~> 1.0)
      omniauth-oauth2 (~> 1.1)
    omniauth-oauth (1.0.1)
      oauth
      omniauth (~> 1.0)
    omniauth-oauth2 (1.1.1)
      oauth2 (~> 0.8.0)
      omniauth (~> 1.0)
    omniauth-twitter (0.0.9)
      omniauth-oauth (~> 1.0)
    pagehub-markdown (0.1.0)
      albino (>= 1.3.3)
      json (>= 1.7.0)
      nokogiri (>= 1.5.5)
      redcarpet (>= 2.1.1)
    polyglot (0.3.3)
    pony (1.4)
      mail (> 2.0)
    posix-spawn (0.3.6)
    rack (1.4.1)
    rack-protection (1.2.0)
      rack
    rack-test (0.6.2)
      rack (>= 1.0)
    redcarpet (2.1.1)
    sinatra (1.3.3)
      rack (~> 1.3, >= 1.3.6)
      rack-protection (~> 1.2)
      tilt (~> 1.3, >= 1.3.3)
    sinatra-contrib (1.3.1)
      backports (>= 2.0)
      eventmachine
      rack-protection
      rack-test
      sinatra (~> 1.3.0)
      tilt (~> 1.3)
    sinatra-flash (0.3.0)
      sinatra (>= 1.0.0)
    stringex (1.4.0)
    systemu (2.5.2)
    thin (1.3.1)
      daemons (>= 1.0.9)
      eventmachine (>= 0.12.6)
      rack (>= 1.0.0)
    tilt (1.3.3)
    treetop (1.4.10)
      polyglot
      polyglot (>= 0.3.1)
    uuid (2.3.5)
      macaddr (~> 1.0)
    uuidtools (2.1.3)

PLATFORMS
  ruby

DEPENDENCIES
  addressable
  diff-lcs
  dm-constraints (>= 1.2.0)
  dm-core (>= 1.2.0)
  dm-migrations (>= 1.2.0)
  dm-mysql-adapter (>= 1.2.0)
  dm-serializer (>= 1.2.0)
  dm-types (>= 1.2.0)
  dm-validations (>= 1.2.0)
  gravatarify (>= 3.1.0)
  json
  multi_json
  mysql
  omniauth
  omniauth-facebook
  omniauth-github
  omniauth-twitter (= 0.0.9)
  pagehub-markdown (>= 0.1.0)
  pony
  sinatra
  sinatra-contrib
  sinatra-flash
  thin
  uuid
